GIT
  remote: git://github.com/spree/spree.git
  revision: 2094ce786e236e170e7ab296e65562880cb164e5
  specs:
    spree (0.70.99)
      spree_api (= 0.70.99)
      spree_auth (= 0.70.99)
      spree_core (= 0.70.99)
      spree_dash (= 0.70.99)
      spree_promo (= 0.70.99)
      spree_sample (= 0.70.99)
    spree_api (0.70.99)
      spree_auth (= 0.70.99)
      spree_core (= 0.70.99)
    spree_auth (0.70.99)
      cancan (= 1.6.4)
      devise (= 1.4.2)
      spree_core (= 0.70.99)
    spree_core (0.70.99)
      activemerchant (= 1.15.0)
      acts_as_list (= 0.1.4)
      arel (= 2.1.4)
      deface (>= 0.6.1)
      faker (= 0.9.5)
      highline (= 1.5.1)
      jquery-rails (>= 1.0.12)
      kaminari (>= 0.12.4)
      meta_search (= 1.1.0.pre)
      nested_set (= 1.6.7)
      paperclip (= 2.3.16)
      rails (= 3.1.0.rc5)
      rd_find_by_param (= 0.1.1)
      rd_resource_controller
      rd_unobtrusive_date_picker (= 0.1.0)
      state_machine (= 1.0.1)
      stringex (= 1.0.3)
    spree_dash (0.70.99)
      spree_core (= 0.70.99)
    spree_promo (0.70.99)
      spree_auth (= 0.70.99)
      spree_core (= 0.70.99)
    spree_sample (0.70.99)
      spree_core (= 0.70.99)

GEM
  remote: http://rubygems.org/
  specs:
    actionmailer (3.1.0.rc5)
      actionpack (= 3.1.0.rc5)
      mail (~> 2.3.0)
    actionpack (3.1.0.rc5)
      activemodel (= 3.1.0.rc5)
      activesupport (= 3.1.0.rc5)
      builder (~> 3.0.0)
      erubis (~> 2.7.0)
      i18n (~> 0.6)
      rack (~> 1.3.1)
      rack-cache (~> 1.0.2)
      rack-mount (~> 0.8.1)
      rack-test (~> 0.6.0)
      sprockets (~> 2.0.0.beta.12)
    activemerchant (1.15.0)
      activesupport (>= 2.3.8)
      braintree (>= 2.0.0)
      builder (>= 2.0.0)
    activemodel (3.1.0.rc5)
      activesupport (= 3.1.0.rc5)
      bcrypt-ruby (~> 2.1.4)
      builder (~> 3.0.0)
      i18n (~> 0.6)
    activerecord (3.1.0.rc5)
      activemodel (= 3.1.0.rc5)
      activesupport (= 3.1.0.rc5)
      arel (~> 2.1.4)
      tzinfo (~> 0.3.29)
    activeresource (3.1.0.rc5)
      activemodel (= 3.1.0.rc5)
      activesupport (= 3.1.0.rc5)
    activesupport (3.1.0.rc5)
      multi_json (~> 1.0)
    acts_as_list (0.1.4)
    arel (2.1.4)
    bcrypt-ruby (2.1.4)
    braintree (2.10.2)
      builder (>= 2.0.0)
    builder (3.0.0)
    cancan (1.6.4)
    carrierwave (0.5.7)
      activesupport (~> 3.0)
    childprocess (0.2.1)
      ffi (~> 1.0.6)
    cocaine (0.1.0)
    columnize (0.3.4)
    deface (0.6.1)
      nokogiri (~> 1.5.0)
      rails (>= 3.0.9)
    devise (1.4.2)
      bcrypt-ruby (~> 2.1.2)
      orm_adapter (~> 0.0.3)
      warden (~> 1.0.3)
    diff-lcs (1.1.2)
    erubis (2.7.0)
    factory_girl (1.3.3)
    factory_girl_rails (1.0.1)
      factory_girl (~> 1.3)
      railties (>= 3.0.0)
    faker (0.9.5)
      i18n (~> 0.4)
    ffi (1.0.9)
    highline (1.5.1)
    hike (1.2.0)
    i18n (0.6.0)
    jquery-rails (1.0.13)
      railties (~> 3.0)
      thor (~> 0.14)
    json_pure (1.5.3)
    kaminari (0.12.4)
      rails (>= 3.0.0)
    linecache (0.46)
      rbx-require-relative (> 0.0.4)
    mail (2.3.0)
      i18n (>= 0.4.0)
      mime-types (~> 1.16)
      treetop (~> 1.4.8)
    meta_search (1.1.0.pre)
      actionpack (~> 3.1.0.alpha)
      activerecord (~> 3.1.0.alpha)
      activesupport (~> 3.1.0.alpha)
    mime-types (1.16)
    multi_json (1.0.3)
    nested_set (1.6.7)
      activerecord (>= 3.0.0)
      railties (>= 3.0.0)
    nokogiri (1.5.0)
    orm_adapter (0.0.5)
    paperclip (2.3.16)
      activerecord (>= 2.3.0)
      activesupport (>= 2.3.2)
      cocaine (>= 0.0.2)
      mime-types
    polyglot (0.3.2)
    rack (1.3.2)
    rack-cache (1.0.2)
      rack (>= 0.4)
    rack-mount (0.8.2)
      rack (>= 1.0.0)
    rack-ssl (1.3.2)
      rack
    rack-test (0.6.1)
      rack (>= 1.0)
    rails (3.1.0.rc5)
      actionmailer (= 3.1.0.rc5)
      actionpack (= 3.1.0.rc5)
      activerecord (= 3.1.0.rc5)
      activeresource (= 3.1.0.rc5)
      activesupport (= 3.1.0.rc5)
      bundler (~> 1.0)
      railties (= 3.1.0.rc5)
    railties (3.1.0.rc5)
      actionpack (= 3.1.0.rc5)
      activesupport (= 3.1.0.rc5)
      rack-ssl (~> 1.3.2)
      rake (>= 0.8.7)
      rdoc (~> 3.4)
      thor (~> 0.14.6)
    rake (0.9.2)
    rbx-require-relative (0.0.5)
    rcov (0.9.10)
    rd_find_by_param (0.1.1)
      activerecord (~> 3.0)
      activesupport (~> 3.0)
    rd_resource_controller (1.0.1)
    rd_unobtrusive_date_picker (0.1.0)
    rdoc (3.9.2)
    rmagick (2.13.1)
    rspec (2.6.0)
      rspec-core (~> 2.6.0)
      rspec-expectations (~> 2.6.0)
      rspec-mocks (~> 2.6.0)
    rspec-core (2.6.4)
    rspec-expectations (2.6.0)
      diff-lcs (~> 1.1.2)
    rspec-mocks (2.6.0)
    rspec-rails (2.6.1)
      actionpack (~> 3.0)
      activesupport (~> 3.0)
      railties (~> 3.0)
      rspec (~> 2.6.0)
    ruby-debug (0.10.4)
      columnize (>= 0.1)
      ruby-debug-base (~> 0.10.4.0)
    ruby-debug-base (0.10.4)
      linecache (>= 0.3)
    rubyzip (0.9.4)
    selenium-webdriver (0.2.1)
      childprocess (>= 0.1.7)
      ffi (>= 1.0.7)
      json_pure
      rubyzip
    shoulda (2.11.3)
    sprockets (2.0.0.beta.13)
      hike (~> 1.2)
      rack (~> 1.0)
      tilt (~> 1.1, != 1.3.0)
    sqlite3 (1.3.4)
    sqlite3-ruby (1.3.3)
      sqlite3 (>= 1.3.3)
    state_machine (1.0.1)
    stringex (1.0.3)
    thor (0.14.6)
    tilt (1.3.2)
    treetop (1.4.10)
      polyglot
      polyglot (>= 0.3.1)
    tzinfo (0.3.29)
    warden (1.0.5)
      rack (>= 1.0)

PLATFORMS
  ruby

DEPENDENCIES
  carrierwave
  factory_girl (= 1.3.3)
  factory_girl_rails (= 1.0.1)
  faker
  rcov
  rmagick
  rspec-rails (= 2.6.1)
  ruby-debug
  selenium-webdriver (= 0.2.1)
  shoulda
  spree!
  sqlite3-ruby
